PATH
  remote: .
  specs:
    wordpress_tools (0.0.1)
      php_serialize
      thor

GEM
  remote: https://rubygems.org/
  specs:
    diff-lcs (1.1.3)
    fakeweb (1.3.0)
    php_serialize (1.2)
    rspec (2.8.0)
      rspec-core (~> 2.8.0)
      rspec-expectations (~> 2.8.0)
      rspec-mocks (~> 2.8.0)
    rspec-core (2.8.0)
    rspec-expectations (2.8.0)
      diff-lcs (~> 1.1.2)
    rspec-mocks (2.8.0)
    thor (0.15.3)

PLATFORMS
  ruby

DEPENDENCIES
  fakeweb
  rspec
  wordpress_tools!
